GIT
  remote: git://github.com/hone/okyakusan.git
  revision: 0dbce0a733a58e6648ab394941b6de26e7ffa06c
  specs:
    okyakusan (0.0.1)
      netrc (~> 0.7.7)

GEM
  remote: https://rubygems.org/
  specs:
    netrc (0.7.9)

PLATFORMS
  ruby

DEPENDENCIES
  okyakusan!
